GEM
  remote: http://rubygems.org/
  specs:
    blossom (1.0.0alpha2)
      compass (~> 0.10)
      haml (~> 3.0)
      hassle
      rack-strip-www (~> 0.2)
      sinatra (~> 1.0)
    chunky_png (1.1.2)
    compass (0.11.1)
      chunky_png (~> 1.1)
      fssm (>= 0.2.7)
      sass (~> 3.1)
    fssm (0.2.7)
    haml (3.1.1)
    hassle (0.0.1)
      haml
      rack
    rack (1.2.2)
    rack-strip-www (0.2.0)
    sass (3.1.1)
    sinatra (1.2.6)
      rack (~> 1.1)
      tilt (>= 1.2.2, < 2.0)
    tilt (1.3)

PLATFORMS
  ruby

DEPENDENCIES
  blossom (~> 1.0.0alpha2)
